PATH
  remote: .
  specs:
    alarum (0.0.1)
      errand
      trollop
      xmpp4r

GEM
  remote: https://rubygems.org/
  specs:
    activesupport (4.0.2)
      i18n (~> 0.6, >= 0.6.4)
      minitest (~> 4.2)
      multi_json (~> 1.3)
      thread_safe (~> 0.1)
      tzinfo (~> 0.3.37)
    atomic (1.1.14-java)
    coderay (1.1.0)
    errand (0.8.0)
      rrd-ffi (= 0.2.13)
    ffi (1.9.3-java)
    i18n (0.6.9)
    jruby-jars (1.7.10)
    jruby-rack (1.1.13.3)
    method_source (0.8.2)
    minitest (4.7.5)
    multi_json (1.8.4)
    pry (0.9.12.4-java)
      coderay (~> 1.0)
      method_source (~> 0.8)
      slop (~> 3.4)
      spoon (~> 0.0)
    rake (10.1.1)
    rrd-ffi (0.2.13)
      activesupport
      ffi
    rubyzip (1.0.0)
    slop (3.4.7)
    spoon (0.0.4)
      ffi
    thread_safe (0.1.3-java)
      atomic
    trollop (2.0)
    tzinfo (0.3.38)
    warbler (1.4.0)
      jruby-jars (>= 1.5.6)
      jruby-rack (>= 1.0.0)
      rake (>= 0.9.6)
      rubyzip (>= 0.9, < 1.1)
    xmpp4r (0.5.5)

PLATFORMS
  java

DEPENDENCIES
  alarum!
  bundler (~> 1.5)
  pry
  rake
  warbler
